GEM
  remote: http://rubygems.org/
  specs:
    addressable (2.3.2)
    bouncy-castle-java (1.5.0146.1)
    diff-lcs (1.1.3)
    ffi (1.1.5-java)
    git (1.2.5)
    highline (1.6.15)
    httparty (0.9.0)
      multi_json (~> 1.0)
      multi_xml
    jeweler (1.8.4)
      bundler (~> 1.0)
      git (>= 1.2.5)
      rake
      rdoc
    jruby-openssl (0.7.7)
      bouncy-castle-java (>= 1.5.0146.1)
    json (1.7.3)
    json (1.7.3-java)
    launchy (2.1.2)
      addressable (~> 2.3)
    launchy (2.1.2-java)
      addressable (~> 2.3)
      ffi (~> 1.1.1)
      spoon (~> 0.0.1)
    multi_json (1.3.6)
    multi_xml (0.5.1)
    rake (0.9.2.2)
    rdoc (3.12)
      json (~> 1.4)
    rspec (2.11.0)
      rspec-core (~> 2.11.0)
      rspec-expectations (~> 2.11.0)
      rspec-mocks (~> 2.11.0)
    rspec-core (2.11.1)
    rspec-expectations (2.11.1)
      diff-lcs (~> 1.1.3)
    rspec-mocks (2.11.1)
    spoon (0.0.1)
    tddium (1.5.8)
      highline
      json
      launchy
      tddium_client (~> 0.2.0)
      thor
    tddium_client (0.2.0)
      httparty (>= 0.8.1)
      json
    thor (0.16.0)

PLATFORMS
  java
  ruby

DEPENDENCIES
  jeweler (>= 1.8.4)
  jruby-openssl
  rspec (>= 2.11.0)
  tddium
